GEM
  remote: http://gems.rubyforge.org/
  specs:
    addressable (2.2.6)
    faraday (0.7.0)
      addressable (~> 2.2.4)
      multipart-post (~> 1.1.0)
      rack (>= 1.1.0, < 2)
    faraday-stack (0.1.1)
      faraday (~> 0.6)
    haml (3.1.1)
    indextank (1.0.9.1)
      faraday-stack
      yajl-ruby (>= 0.7.7)
    mime-types (1.16)
    multipart-post (1.1.2)
    nokogiri (1.4.1)
    rack (1.3.0)
    rest-client (1.6.1)
      mime-types (>= 1.16)
    sinatra (1.2.6)
      rack (~> 1.1)
      tilt (>= 1.2.2, < 2.0)
    tilt (1.3.2)
    yajl-ruby (0.8.2)

PLATFORMS
  ruby

DEPENDENCIES
  haml (= 3.1.1)
  indextank (= 1.0.9.1)
  nokogiri (= 1.4.1)
  rest-client (= 1.6.1)
  sinatra (= 1.2.6)
