GEM
  remote: http://gems.rubyforge.org/
  specs:
    activemodel (3.1.0)
      activesupport (= 3.1.0)
      bcrypt-ruby (~> 3.0.0)
      builder (~> 3.0.0)
      i18n (~> 0.6)
    activesupport (3.1.0)
      multi_json (~> 1.0)
    addressable (2.2.6)
    bcrypt-ruby (3.0.1)
    bson (1.4.0)
    builder (3.0.0)
    faraday (0.7.3)
      addressable (~> 2.2.6)
      multipart-post (~> 1.1.0)
      rack (>= 1.1.0, < 2)
    faraday-stack (0.1.2)
      faraday (~> 0.6)
    haml (3.1.2)
    i18n (0.6.0)
    indextank (1.0.9.1)
      faraday-stack
      yajl-ruby (>= 0.7.7)
    json (1.5.1)
    mime-types (1.16)
    mongo (1.4.0)
      bson (= 1.4.0)
    mongo_mapper (0.9.2)
      activemodel (~> 3.0)
      activesupport (~> 3.0)
      plucky (~> 0.3.8)
    multi_json (1.0.3)
    multipart-post (1.1.2)
    nokogiri (1.4.1)
    plucky (0.3.8)
      mongo (~> 1.3)
    rack (1.3.0)
    rest-client (1.6.1)
      mime-types (>= 1.16)
    sass (3.1.7)
    sinatra (1.2.6)
      rack (~> 1.1)
      tilt (>= 1.2.2, < 2.0)
    tilt (1.3.2)
    yajl-ruby (0.8.2)

PLATFORMS
  ruby

DEPENDENCIES
  haml
  indextank (= 1.0.9.1)
  json (= 1.5.1)
  mongo_mapper (= 0.9.2)
  nokogiri (= 1.4.1)
  rest-client (= 1.6.1)
  sass
  sinatra (= 1.2.6)
